GEM
  remote: https://rubygems.org/
  specs:
    rack (1.6.0)
    rake (10.4.2)
    rake-compiler (0.9.5)
      rake
    rice (1.6.2)

PLATFORMS
  ruby

DEPENDENCIES
  rack (>= 1.6.0)
  rake-compiler (>= 0.9.4)
  rice
