GEM
  remote: https://rubygems.org/
  specs:
    rake (10.3.2)
    rake-compiler (0.9.3)
      rake
    rice (1.6.2)

PLATFORMS
  ruby

DEPENDENCIES
  rake-compiler
  rice
