GEM
  remote: https://rubygems.org/
  specs:
    rack (1.6.0)
    rake (10.3.2)
    rake-compiler (0.9.3)
      rake
    rice (1.6.2)

PLATFORMS
  ruby

DEPENDENCIES
  rack (>= 1.6.0)
  rake-compiler
  rice
